GEM
  remote: https://rubygems.org/
  specs:
    activemodel (3.2.22.5)
      activesupport (= 3.2.22.5)
      builder (~> 3.0.0)
    activerecord (3.2.22.5)
      activemodel (= 3.2.22.5)
      activesupport (= 3.2.22.5)
      arel (~> 3.0.2)
      tzinfo (~> 0.3.29)
    activesupport (3.2.22.5)
      i18n (~> 0.6, >= 0.6.4)
      multi_json (~> 1.0)
    arel (3.0.3)
    builder (3.0.4)
    choice (0.2.0)
    diff-lcs (1.3)
    faraday (0.11.0)
      multipart-post (>= 1.2, < 3)
    haml (4.0.7)
      tilt
    hashie (3.5.5)
    http_router (0.11.2)
      rack (>= 1.0.0)
      url_mount (~> 0.2.1)
    i18n (0.8.1)
    jwt (1.5.6)
    mail (2.5.4)
      mime-types (~> 1.16)
      treetop (~> 1.4.8)
    mime-types (1.25.1)
    multi_json (1.12.1)
    multi_xml (0.6.0)
    multipart-post (2.0.0)
    oauth (0.5.1)
    oauth2 (1.3.1)
      faraday (>= 0.8, < 0.12)
      jwt (~> 1.0)
      multi_json (~> 1.3)
      multi_xml (~> 0.5)
      rack (>= 1.2, < 3)
    omniauth (1.6.1)
      hashie (>= 3.4.6, < 3.6.0)
      rack (>= 1.6.2, < 3)
    omniauth-facebook (4.0.0)
      omniauth-oauth2 (~> 1.2)
    omniauth-google-oauth2 (0.4.1)
      jwt (~> 1.5.2)
      multi_json (~> 1.3)
      omniauth (>= 1.1.1)
      omniauth-oauth2 (>= 1.3.1)
    omniauth-oauth (1.1.0)
      oauth
      omniauth (~> 1.0)
    omniauth-oauth2 (1.4.0)
      oauth2 (~> 1.0)
      omniauth (~> 1.2)
    omniauth-twitter (1.4.0)
      omniauth-oauth (~> 1.1)
      rack
    padrino (0.11.4)
      padrino-admin (= 0.11.4)
      padrino-cache (= 0.11.4)
      padrino-core (= 0.11.4)
      padrino-gen (= 0.11.4)
      padrino-helpers (= 0.11.4)
      padrino-mailer (= 0.11.4)
    padrino-admin (0.11.4)
      padrino-core (= 0.11.4)
      padrino-helpers (= 0.11.4)
    padrino-cache (0.11.4)
      padrino-core (= 0.11.4)
      padrino-helpers (= 0.11.4)
    padrino-core (0.11.4)
      activesupport (>= 3.1, < 4.0)
      http_router (~> 0.11.0)
      rack-protection (>= 1.5.0)
      sinatra (~> 1.4.2)
      thor (~> 0.17.0)
      tilt (~> 1.4.1)
    padrino-gen (0.11.4)
      bundler (~> 1.0)
      padrino-core (= 0.11.4)
    padrino-helpers (0.11.4)
      i18n (~> 0.6)
      padrino-core (= 0.11.4)
    padrino-mailer (0.11.4)
      mail (~> 2.5.3)
      padrino-core (= 0.11.4)
    pg (0.20.0)
    polyglot (0.3.5)
    rack (1.6.5)
    rack-protection (1.5.3)
      rack
    rack-test (0.6.3)
      rack (>= 1.0)
    rails-erd (1.5.0)
      activerecord (>= 3.2)
      activesupport (>= 3.2)
      choice (~> 0.2.0)
      ruby-graphviz (~> 1.2)
    rake (12.0.0)
    rspec (3.5.0)
      rspec-core (~> 3.5.0)
      rspec-expectations (~> 3.5.0)
      rspec-mocks (~> 3.5.0)
    rspec-core (3.5.4)
      rspec-support (~> 3.5.0)
    rspec-expectations (3.5.0)
      diff-lcs (>= 1.2.0, < 2.0)
      rspec-support (~> 3.5.0)
    rspec-mocks (3.5.0)
      diff-lcs (>= 1.2.0, < 2.0)
      rspec-support (~> 3.5.0)
    rspec-support (3.5.0)
    ruby-graphviz (1.2.2)
    sass (3.4.23)
    sinatra (1.4.8)
      rack (~> 1.5)
      rack-protection (~> 1.4)
      tilt (>= 1.3, < 3)
    sqlite3 (1.3.13)
    thor (0.17.0)
    tilt (1.4.1)
    treetop (1.4.15)
      polyglot
      polyglot (>= 0.3.1)
    tzinfo (0.3.52)
    url_mount (0.2.1)
      rack

PLATFORMS
  ruby

DEPENDENCIES
  activerecord (>= 3.1)
  haml
  omniauth
  omniauth-facebook
  omniauth-google-oauth2
  omniauth-twitter
  padrino (= 0.11.4)
  pg
  rack-test
  rails-erd
  rake
  rspec
  sass
  sqlite3

RUBY VERSION
   ruby 2.4.0p0

BUNDLED WITH
   1.14.6
